GIT
  remote: https://github.com/bkuhlmann/xdg
  revision: 9f3aa51e75d6aec4ec100752f5a2afdeecb4faed
  tag: 3.0.2
  specs:
    xdg (3.0.2)

GEM
  remote: https://rubygems.org/
  specs:
    activesupport (7.0.8)
      concurrent-ruby (~> 1.0, >= 1.0.2)
      i18n (>= 1.6, < 2)
      minitest (>= 5.1)
      tzinfo (~> 2.0)
    commander-openflighthpc (2.2.0)
      highline (> 1.7.2)
      paint (~> 2.1.0)
      slop (~> 4.8)
    concurrent-ruby (1.2.2)
    highline (2.1.0)
    i18n (1.14.1)
      concurrent-ruby (~> 1.0)
    minitest (5.20.0)
    paint (2.1.1)
    pastel (0.8.0)
      tty-color (~> 0.5)
    slop (4.10.1)
    tty-color (0.6.0)
    tty-config (0.6.0)
    tty-cursor (0.7.1)
    tty-prompt (0.23.1)
      pastel (~> 0.8)
      tty-reader (~> 0.8)
    tty-reader (0.9.0)
      tty-cursor (~> 0.7)
      tty-screen (~> 0.8)
      wisper (~> 2.0)
    tty-screen (0.8.1)
    tzinfo (2.0.6)
      concurrent-ruby (~> 1.0)
    wisper (2.0.1)

PLATFORMS
  ruby

DEPENDENCIES
  activesupport
  commander-openflighthpc (~> 2.2.0)
  i18n
  tty-config
  tty-prompt
  xdg!

BUNDLED WITH
   2.1.4
